GEM
  remote: https://rubygems.org/
  specs:
    indico (0.2.4)
      inifile (~> 3.0.0)
    inifile (3.0.0)
    json (1.8.2)
    oauth (0.4.7)
    rack (1.6.0)
    rack-protection (1.5.3)
      rack
    sinatra (1.4.6)
      rack (~> 1.4)
      rack-protection (~> 1.4)
      tilt (>= 1.3, < 3)
    sinatra-flash (0.3.0)
      sinatra (>= 1.0.0)
    tilt (2.0.1)

PLATFORMS
  ruby

DEPENDENCIES
  indico
  json
  oauth
  sinatra
  sinatra-flash

RUBY VERSION
   ruby 2.3.0p0

BUNDLED WITH
   1.13.0
